NUGET
  remote: http://api.nuget.org/v3/index.json
    FSharp.Compiler.Service (5.0)
