REDIRECTS: ON
RESTRICTION: == net451
NUGET
  remote: https://api.nuget.org/v3/index.json
    Argu (3.7)
    FSharp.Compiler.Service (13.0)
      System.Collections.Immutable (>= 1.3.1)
      System.Reflection.Metadata (>= 1.4.2)
    FSharp.Compiler.Service.ProjectCracker (13.0)
    FSharp.Core (4.0.0.1)
    FsUnit.xUnit (1.4.1)
      FSharp.Core (>= 3.1.2.5)
      xunit (2.1)
    Microsoft.CodeDom.Providers.DotNetCompilerPlatform (1.0)
      Microsoft.Net.Compilers (>= 1.0)
    Microsoft.Net.Compilers (1.0)
    Newtonsoft.json (10.0.2)
    System.Collections.Immutable (1.3.1)
    System.Reflection.Metadata (1.4.2)
      System.Collections.Immutable (>= 1.3.1)
    System.Runtime.Serialization.Json (4.3)
    Unquote (3.2)
    WebSharper (4.0.193.110)
    WebSharper.FSharp (4.0.193.110)
      WebSharper (4.0.193.110)
    xunit (2.1)
      xunit.assert (2.1)
      xunit.core (2.1)
    xunit.abstractions (2.0)
    xunit.assert (2.1)
    xunit.core (2.1)
      xunit.extensibility.core (2.1)
      xunit.extensibility.execution (2.1)
    xunit.extensibility.core (2.1)
      xunit.abstractions (2.0)
    xunit.extensibility.execution (2.1)
      xunit.extensibility.core (2.1)
    xunit.runner.console (2.2)
    xunit.runner.visualstudio (2.2.0) - version_in_path: true
